GEM
  remote: http://rubygems.org/
  specs:
    activemodel (3.0.6)
      activesupport (= 3.0.6)
      builder (~> 2.1.2)
      i18n (~> 0.5.0)
    activerecord (3.0.6)
      activemodel (= 3.0.6)
      activesupport (= 3.0.6)
      arel (~> 2.0.2)
      tzinfo (~> 0.3.23)
    activesupport (3.0.6)
    ansi (1.2.2)
    arel (2.0.9)
    builder (2.1.2)
    i18n (0.5.0)
    rake (0.8.7)
    redgreen (1.2.2)
    sqlite3 (1.3.3)
    turn (0.8.2)
      ansi (>= 1.2.2)
    tzinfo (0.3.26)

PLATFORMS
  ruby

DEPENDENCIES
  activerecord (~> 3.0)
  arel (~> 2.0)
  rake (>= 0.8.3)
  redgreen
  sqlite3
  turn
